GEM
  remote: https://rubygems.org/
  specs:
    bacon (1.2.0)
    rack (1.5.2)
    rack-protection (1.3.2)
      rack
    sequel (3.44.0)
    shotgun (0.9)
      rack (>= 1.0)
    sinatra (1.3.5)
      rack (~> 1.4)
      rack-protection (~> 1.3)
      tilt (~> 1.3, >= 1.3.3)
    sinatra-sequel (0.9.0)
      bacon
      sequel (>= 3.2.0)
      sinatra (>= 0.9.4)
    sqlite3 (1.3.5)
    tilt (1.3.3)

PLATFORMS
  ruby

DEPENDENCIES
  sequel
  shotgun
  sinatra
  sinatra-sequel
  sqlite3
